GEM
  remote: https://rubygems.org/
  specs:
    clipboard (1.3.6)
    deepl-rb (2.5.3)

PLATFORMS
  x86_64-darwin-21

DEPENDENCIES
  clipboard
  deepl-rb

BUNDLED WITH
   2.3.26
